GEM
  remote: https://rubygems.org/
  specs:
    liquid (2.6.1)
    rake (10.1.1)

PLATFORMS
  ruby

DEPENDENCIES
  liquid
  rake
